GEM
  remote: https://rubygems.org/
  specs:
    erubis (2.7.0)
    haml (4.0.3)
      tilt
    jruby-jars (1.7.4)
    puck (1.0.0.pre2)
    rack (1.5.2)
    rack-protection (1.5.0)
      rack
    rake (10.1.0)
    sinatra (1.4.3)
      rack (~> 1.4)
      rack-protection (~> 1.4)
      tilt (~> 1.3, >= 1.3.4)
    tilt (1.4.1)

PLATFORMS
  java

DEPENDENCIES
  erubis
  haml
  jruby-jars (= 1.7.4)
  puck
  rake
  sinatra
